GEM
  remote: https://rubygems.org/
  specs:
    coderay (1.1.1)
    dogapi (1.25.0)
      multi_json
    ethon (0.10.1)
      ffi (>= 1.3.0)
    excon (0.55.0)
    ffi (1.9.17)
    json (1.8.6)
    mandrill-api (1.0.53)
      excon (>= 0.16.0, < 1.0)
      json (>= 1.7.7, < 2.0)
    method_source (0.8.2)
    mini_portile2 (2.1.0)
    multi_json (1.12.1)
    nokogiri (1.7.0.1)
      mini_portile2 (~> 2.1.0)
    pg (0.19.0)
    pry (0.10.4)
      coderay (~> 1.1.0)
      method_source (~> 0.8.1)
      slop (~> 3.4)
    slop (3.6.0)
    typhoeus (1.1.2)
      ethon (>= 0.9.0)

PLATFORMS
  ruby

DEPENDENCIES
  dogapi (~> 1.25.0)
  mandrill-api (~> 1.0, >= 1.0.53)
  nokogiri (~> 1.7.0.1)
  pg (~> 0.19.0)
  pry
  typhoeus (~> 1.1.2)

BUNDLED WITH
   1.14.4
