GEM
  remote: https://rubygems.org/
  specs:
    connection_pool (2.2.1)
    excon (0.55.0)
    json (1.8.6)
    mail (2.6.4)
      mime-types (>= 1.16, < 4)
    mandrill-api (1.0.53)
      excon (>= 0.16.0, < 1.0)
      json (>= 1.7.7, < 2.0)
    mime-types (3.1)
      mime-types-data (~> 3.2015)
    mime-types-data (3.2016.0521)
    mustermann (1.0.0)
    pg (0.19.0)
    puma (3.8.2)
    rack (2.0.1)
    rack-protection (2.0.0.rc1)
      rack
    redcarpet (3.4.0)
    sinatra (2.0.0.rc1)
      mustermann (= 1.0.0)
      rack (~> 2.0)
      rack-protection (= 2.0.0.rc1)
      tilt (~> 2.0)
    tilt (2.0.6)

PLATFORMS
  ruby

DEPENDENCIES
  connection_pool (~> 2.2)
  mail (~> 2.6.4)
  mandrill-api (~> 1.0, >= 1.0.53)
  pg (~> 0.19.0)
  puma (~> 3.8, >= 3.8.2)
  redcarpet (~> 3.4)
  sinatra (~> 2.0.0.rc1)

BUNDLED WITH
   1.14.4
